GEM
  remote: https://rubygems.org/
  specs:
    dummer (0.4.0)
      fluent-logger
      serverengine
      thor
    fluent-logger (0.8.2)
      msgpack (>= 1.0.0, < 2)
    msgpack (1.3.1)
    serverengine (2.1.1)
      sigdump (~> 0.2.2)
    sigdump (0.2.4)
    thor (0.20.3)

PLATFORMS
  ruby

DEPENDENCIES
  dummer

BUNDLED WITH
   2.0.1
