GIT
  remote: https://github.com/fluent/fluentd.git
  revision: b04e8084a887dc8395d49c606f474e33a396997c
  specs:
    fluentd (1.14.6)
      bundler
      cool.io (>= 1.4.5, < 2.0.0)
      http_parser.rb (>= 0.5.1, < 0.9.0)
      msgpack (>= 1.3.1, < 2.0.0)
      serverengine (>= 2.2.5, < 3.0.0)
      sigdump (~> 0.2.2)
      strptime (>= 0.2.4, < 1.0.0)
      tzinfo (>= 1.0, < 3.0)
      tzinfo-data (~> 1.0)
      webrick (>= 1.4.2, < 1.8.0)
      yajl-ruby (~> 1.0)

GIT
  remote: https://github.com/ganmacs/fluent-plugin-buffer-chunkio.git
  revision: 5afc00fd615231496dd9949f57e2977b393293e1
  branch: impl
  specs:
    fluent-plugin-buffer-chunkio (0.1.0)
      chunkio (>= 0.1.6)
      fluentd (>= 0.14.0)

GIT
  remote: https://github.com/ganmacs/fluent-plugin-flowcounter-simple2.git
  revision: 5f450df275542f133c5b004618f1c0698109dd63
  specs:
    fluent-plugin-flowcounter-simple2 (0.1.0)
      fluentd (>= 0.14.10, < 2)
      get_process_mem

GEM
  remote: https://rubygems.org/
  specs:
    chunkio (0.1.6)
      mini_portile2 (>= 2.2.0)
    concurrent-ruby (1.1.10)
    cool.io (1.7.1)
    ffi (1.15.5)
    get_process_mem (0.2.7)
      ffi (~> 1.0)
    http_parser.rb (0.8.0)
    mini_portile2 (2.8.0)
    msgpack (1.4.5)
    serverengine (2.2.5)
      sigdump (~> 0.2.2)
    sigdump (0.2.4)
    strptime (0.2.5)
    tzinfo (2.0.4)
      concurrent-ruby (~> 1.0)
    tzinfo-data (1.2022.1)
      tzinfo (>= 1.0.0)
    webrick (1.7.0)
    yajl-ruby (1.4.2)

PLATFORMS
  ruby

DEPENDENCIES
  fluent-plugin-buffer-chunkio!
  fluent-plugin-flowcounter-simple2!
  fluentd!

BUNDLED WITH
   2.0.1
